GEM
  remote: https://rubygems.org/
  specs:
    bindata (2.3.3)
    diff-lcs (1.2.5)
    digest-crc (0.4.1)
    rspec (3.5.0)
      rspec-core (~> 3.5.0)
      rspec-expectations (~> 3.5.0)
      rspec-mocks (~> 3.5.0)
    rspec-core (3.5.3)
      rspec-support (~> 3.5.0)
    rspec-expectations (3.5.0)
      diff-lcs (>= 1.2.0, < 2.0)
      rspec-support (~> 3.5.0)
    rspec-mocks (3.5.0)
      diff-lcs (>= 1.2.0, < 2.0)
      rspec-support (~> 3.5.0)
    rspec-support (3.5.0)

PLATFORMS
  ruby

DEPENDENCIES
  bindata (>= 1.4.5)
  digest-crc (>= 0.4.1)
  rspec

BUNDLED WITH
   1.13.1
